GEM
  remote: https://rubygems.org/
  specs:
    activesupport (3.2.15)
      i18n (~> 0.6, >= 0.6.4)
      multi_json (~> 1.0)
    atomic (1.1.14)
    builder (3.2.2)
    httparty (0.9.0)
      multi_json (~> 1.0)
      multi_xml
    i18n (0.6.5)
    multi_json (1.8.2)
    multi_xml (0.5.5)
    nokogiri (1.5.10)
    rack (1.5.2)
    rack-protection (1.5.1)
      rack
    sinatra (1.4.4)
      rack (~> 1.4)
      rack-protection (~> 1.4)
      tilt (~> 1.3, >= 1.3.4)
    thread_safe (0.1.3)
      atomic
    tilt (1.4.1)
    tzinfo (1.1.0)
      thread_safe (~> 0.1)

PLATFORMS
  ruby

DEPENDENCIES
  activesupport (~> 3.2.0)
  builder
  httparty (~> 0.9.0)
  i18n
  nokogiri (~> 1.5.0)
  sinatra
  tzinfo
